GEM
  remote: https://rubygems.org/
  specs:
    backports (3.16.0)
    bindata (1.8.3)
    coderay (1.1.2)
    method_source (0.9.2)
    multi_json (1.14.1)
    mustermann (1.1.1)
      ruby2_keywords (~> 0.0.1)
    nbt_utils (0.0.4)
      bindata (~> 1.3)
    pry (0.12.2)
      coderay (~> 1.1.0)
      method_source (~> 0.9.0)
    rack (2.2.3)
    rack-protection (2.0.8.1)
      rack
    ruby2_keywords (0.0.2)
    sinatra (2.0.8.1)
      mustermann (~> 1.0)
      rack (~> 2.0)
      rack-protection (= 2.0.8.1)
      tilt (~> 2.0)
    sinatra-contrib (2.0.8.1)
      backports (>= 2.8.2)
      multi_json
      mustermann (~> 1.0)
      rack-protection (= 2.0.8.1)
      sinatra (= 2.0.8.1)
      tilt (~> 2.0)
    tilt (2.0.10)
    zlib (1.1.0)

PLATFORMS
  ruby

DEPENDENCIES
  nbt_utils
  pry
  sinatra
  sinatra-contrib
  zlib

RUBY VERSION
   ruby 2.6.2p47

BUNDLED WITH
   2.0.2
